GEM
  remote: https://rubygems.org/
  specs:
    json (1.8.3)
    json_web_token (0.3.1)
      json (~> 1.8, >= 1.8.3)
    rack (1.6.4)
    rack-protection (1.5.3)
      rack
    sinatra (1.4.7)
      rack (~> 1.5)
      rack-protection (~> 1.4)
      tilt (>= 1.3, < 3)
    tilt (2.0.5)

PLATFORMS
  ruby

DEPENDENCIES
  json_web_token
  sinatra
